PATH
  remote: .
  specs:
    dpxdt_cli (0.0.1)
      deep_merge
      json
      thor

GEM
  remote: https://rubygems.org/
  specs:
    deep_merge (1.0.1)
    diff-lcs (1.2.5)
    json (1.8.1)
    rake (10.3.2)
    rspec (3.0.0)
      rspec-core (~> 3.0.0)
      rspec-expectations (~> 3.0.0)
      rspec-mocks (~> 3.0.0)
    rspec-core (3.0.3)
      rspec-support (~> 3.0.0)
    rspec-expectations (3.0.3)
      diff-lcs (>= 1.2.0, < 2.0)
      rspec-support (~> 3.0.0)
    rspec-mocks (3.0.3)
      rspec-support (~> 3.0.0)
    rspec-support (3.0.3)
    thor (0.19.1)

PLATFORMS
  ruby

DEPENDENCIES
  bundler (~> 1.6)
  dpxdt_cli!
  rake
  rspec
